PATH
  remote: .
  specs:
    net-http (0.1.0)

GEM
  remote: https://rubygems.org/
  specs:
    power_assert (1.1.5)
    rake (13.0.1)
    test-unit (3.3.5)
      power_assert

PLATFORMS
  ruby

DEPENDENCIES
  net-http!
  rake
  test-unit

BUNDLED WITH
   2.1.4
